{
	"Modality": "MR",
	"MagneticFieldStrength": 3,
	"ImagingFrequency": 123.252,
	"Manufacturer": "Siemens",
	"ManufacturersModelName": "Prisma",
	"InstitutionName": "Research",
	"InstitutionalDepartmentName": "Department",
	"InstitutionAddress": "East Erie 355,Chicago,IL,US,60611",
	"DeviceSerialNumber": "166009",
	"StationName": "AWP166009",
	"BodyPartExamined": "BRAIN",
	"PatientPosition": "HFS",
	"ProcedureStepDescription": "Research MRI",
	"SoftwareVersions": "syngo MR E11",
	"MRAcquisitionType": "2D",
	"SeriesDescription": "Mb8_rest_HCP_22_56_555ms_2mmiso",
	"ProtocolName": "Mb8_rest_HCP_22_56_555ms_2mmiso",
	"ScanningSequence": "EP",
	"SequenceVariant": "SK\\SS",
	"ScanOptions": "PFP\\FS\\EXT",
	"SequenceName": "epfid2d1_96",
	"ImageType": ["ORIGINAL", "PRIMARY", "M", "MB", "ND", "NORM", "MOSAIC"],
	"SeriesNumber": 7,
	"AcquisitionTime": "08:23:28.712500",
	"AcquisitionNumber": 1,
	"ImageComments": "Unaliased MB8/PE3",
	"SliceThickness": 2,
	"SpacingBetweenSlices": 2,
	"SAR": 0.0837495,
	"EchoTime": 0.022,
	"RepetitionTime": 0.555,
	"FlipAngle": 47,
	"PartialFourier": 0.75,
	"BaseResolution": 104,
	"ShimSetting": [
		5139,
		-11579,
		-2385,
		184,
		-28,
		-269,
		-9,
		28	],
	"TxRefAmp": 251.183,
	"PhaseResolution": 1,
	"ReceiveCoilName": "HeadNeck_64",
	"ReceiveCoilActiveElements": "HC1-7",
	"PulseSequenceDetails": "%CustomerSeq%\\cmrr_mbep2d_bold",
	"WipMemBlock": "94046c07-2f3f-4a75-bbf3-b79ceb6f722a||Sequence: R016 ve11c/master r/8780670; Nov 27 2017 15:05:12 by eja",
	"CoilCombinationMethod": "Sum of Squares",
	"ConsistencyInfo": "N4_VE11C_LATEST_20160120",
	"MatrixCoilMode": "SENSE",
	"MultibandAccelerationFactor": 8,
	"PercentPhaseFOV": 92.3077,
	"PercentSampling": 100,
	"EchoTrainLength": 72,
	"PhaseEncodingSteps": 72,
	"AcquisitionMatrixPE": 96,
	"ReconMatrixPE": 96,
	"BandwidthPerPixelPhaseEncode": 17.361,
	"EffectiveEchoSpacing": 0.000600004,
	"DerivedVendorReportedEchoSpacing": 0.000600004,
	"TotalReadoutTime": 0.0570004,
	"PixelBandwidth": 2290,
	"DwellTime": 2.1e-06,
	"PhaseEncodingDirection": "j",
	"SliceTiming": [
		0,
		0.0675,
		0.135,
		0.2,
		0.2675,
		0.335,
		0.4025,
		0.4675,
		0,
		0.0675,
		0.135,
		0.2,
		0.2675,
		0.335,
		0.4025,
		0.4675,
		0,
		0.0675,
		0.135,
		0.2,
		0.2675,
		0.335,
		0.4025,
		0.4675,
		0,
		0.0675,
		0.135,
		0.2,
		0.2675,
		0.335,
		0.4025,
		0.4675,
		0,
		0.0675,
		0.135,
		0.2,
		0.2675,
		0.335,
		0.4025,
		0.4675,
		0,
		0.0675,
		0.135,
		0.2,
		0.2675,
		0.335,
		0.4025,
		0.4675,
		0,
		0.0675,
		0.135,
		0.2,
		0.2675,
		0.335,
		0.4025,
		0.4675,
		0,
		0.0675,
		0.135,
		0.2,
		0.2675,
		0.335,
		0.4025,
		0.4675	],
	"ImageOrientationPatientDICOM": [
		0.99569,
		0.0885963,
		-0.0274102,
		-0.092718,
		0.957355,
		-0.273631	],
	"ImageOrientationText": "Tra>Cor(-16.0)>Sag(-0.1)",
	"InPlanePhaseEncodingDirectionDICOM": "COL",
	"ConversionSoftware": "dcm2niix",
	"ConversionSoftwareVersion": "v1.0.20211006",
	"TaskName": "Rest"
}
