{
	"Modality": "MR",
	"MagneticFieldStrength": 3,
	"ImagingFrequency": 123.252,
	"Manufacturer": "Siemens",
	"ManufacturersModelName": "Prisma",
	"InstitutionName": "Research",
	"InstitutionalDepartmentName": "Department",
	"InstitutionAddress": "East Erie 355,Chicago,IL,US,60611",
	"DeviceSerialNumber": "166009",
	"StationName": "AWP166009",
	"BodyPartExamined": "BRAIN",
	"PatientPosition": "HFS",
	"ProcedureStepDescription": "Research MRI",
	"SoftwareVersions": "syngo MR E11",
	"MRAcquisitionType": "2D",
	"SeriesDescription": "ep2d_diff_freeDir271_14b0_dtk_p2_SMS3_bmax4000",
	"ProtocolName": "ep2d_diff_freeDir271_14b0_dtk_p2_SMS3_bmax4000",
	"ScanningSequence": "EP",
	"SequenceVariant": "SK\\SP",
	"ScanOptions": "PFP\\FS",
	"SequenceName": "*ep_b0",
	"ImageType": ["ORIGINAL", "PRIMARY", "DIFFUSION", "NONE", "ND", "NORM", "MOSAIC"],
	"SeriesNumber": 11,
	"AcquisitionTime": "12:51:38.705000",
	"AcquisitionNumber": 1,
	"SliceThickness": 2,
	"SpacingBetweenSlices": 2,
	"SAR": 0.408421,
	"EchoTime": 0.102,
	"RepetitionTime": 4,
	"SpoilingState": true,
	"FlipAngle": 90,
	"PartialFourier": 0.75,
	"BaseResolution": 128,
	"ShimSetting": [
		5149,
		-11588,
		-2401,
		219,
		73,
		-239,
		8,
		16	],
	"DiffusionScheme": "Bipolar",
	"TxRefAmp": 250.988,
	"PhaseResolution": 1,
	"ReceiveCoilName": "HeadNeck_64",
	"ReceiveCoilActiveElements": "HC1-7;NC1,2",
	"PulseSequenceDetails": "%SiemensSeq%\\ep2d_diff",
	"RefLinesPE": 38,
	"CoilCombinationMethod": "Adaptive Combine",
	"ConsistencyInfo": "N4_VE11C_LATEST_20160120",
	"MultibandAccelerationFactor": 3,
	"PercentPhaseFOV": 100,
	"PercentSampling": 100,
	"EchoTrainLength": 51,
	"PhaseEncodingSteps": 102,
	"AcquisitionMatrixPE": 128,
	"ReconMatrixPE": 128,
	"BandwidthPerPixelPhaseEncode": 16.801,
	"ParallelReductionFactorInPlane": 2,
	"EffectiveEchoSpacing": 0.000465002,
	"DerivedVendorReportedEchoSpacing": 0.000930004,
	"TotalReadoutTime": 0.0590553,
	"PixelBandwidth": 1445,
	"DwellTime": 2.7e-06,
	"PhaseEncodingDirection": "j",
	"SliceTiming": [
		2.895,
		0,
		1.99,
		0.18,
		2.17,
		0.3625,
		2.3525,
		0.5425,
		2.5325,
		0.7225,
		2.7125,
		1.085,
		3.075,
		1.265,
		3.255,
		1.4475,
		3.4375,
		1.6275,
		3.6175,
		1.8075,
		3.7975,
		0.905,
		2.895,
		0,
		1.99,
		0.18,
		2.17,
		0.3625,
		2.3525,
		0.5425,
		2.5325,
		0.7225,
		2.7125,
		1.085,
		3.075,
		1.265,
		3.255,
		1.4475,
		3.4375,
		1.6275,
		3.6175,
		1.8075,
		3.7975,
		0.905,
		2.895,
		0,
		1.99,
		0.18,
		2.17,
		0.3625,
		2.3525,
		0.5425,
		2.5325,
		0.7225,
		2.7125,
		1.085,
		3.075,
		1.265,
		3.255,
		1.4475,
		3.4375,
		1.6275,
		3.6175,
		1.8075,
		3.7975,
		0.905	],
	"ImageOrientationPatientDICOM": [
		0.998344,
		-0.0325795,
		-0.0474101,
		0.0163804,
		0.951047,
		-0.308611	],
	"ImageOrientationText": "Tra>Cor(-17.9)>Sag(-3.2)",
	"InPlanePhaseEncodingDirectionDICOM": "COL",
	"ConversionSoftware": "dcm2niix",
	"ConversionSoftwareVersion": "v1.0.20211006"
}
