{
	"Modality": "MR",
	"MagneticFieldStrength": 3,
	"ImagingFrequency": 123.252,
	"Manufacturer": "Siemens",
	"ManufacturersModelName": "Prisma",
	"InstitutionName": "Research",
	"InstitutionalDepartmentName": "Department",
	"InstitutionAddress": "East Erie 355,Chicago,IL,US,60611",
	"DeviceSerialNumber": "166009",
	"StationName": "AWP166009",
	"BodyPartExamined": "BRAIN",
	"PatientPosition": "HFS",
	"ProcedureStepDescription": "Research MRI",
	"SoftwareVersions": "syngo MR E11",
	"MRAcquisitionType": "2D",
	"SeriesDescription": "ep2d_diff_freeDir271_14b0_dtk_p2_SMS3_bmax4000",
	"ProtocolName": "ep2d_diff_freeDir271_14b0_dtk_p2_SMS3_bmax4000",
	"ScanningSequence": "EP",
	"SequenceVariant": "SK\\SP",
	"ScanOptions": "PFP\\FS",
	"SequenceName": "*ep_b0",
	"ImageType": ["ORIGINAL", "PRIMARY", "DIFFUSION", "NONE", "ND", "NORM", "MOSAIC"],
	"SeriesNumber": 9,
	"AcquisitionTime": "17:31:31.042500",
	"AcquisitionNumber": 1,
	"SliceThickness": 2,
	"SpacingBetweenSlices": 2,
	"SAR": 0.389004,
	"EchoTime": 0.102,
	"RepetitionTime": 4,
	"SpoilingState": true,
	"FlipAngle": 90,
	"PartialFourier": 0.75,
	"BaseResolution": 128,
	"ShimSetting": [
		5152,
		-11577,
		-2424,
		480,
		-30,
		-16,
		-71,
		4	],
	"DiffusionScheme": "Bipolar",
	"TxRefAmp": 218.406,
	"PhaseResolution": 1,
	"ReceiveCoilName": "HeadNeck_64",
	"ReceiveCoilActiveElements": "HC1-7;NC1",
	"PulseSequenceDetails": "%SiemensSeq%\\ep2d_diff",
	"RefLinesPE": 38,
	"CoilCombinationMethod": "Adaptive Combine",
	"ConsistencyInfo": "N4_VE11C_LATEST_20160120",
	"MultibandAccelerationFactor": 3,
	"PercentPhaseFOV": 100,
	"PercentSampling": 100,
	"EchoTrainLength": 51,
	"PhaseEncodingSteps": 102,
	"AcquisitionMatrixPE": 128,
	"ReconMatrixPE": 128,
	"BandwidthPerPixelPhaseEncode": 16.801,
	"ParallelReductionFactorInPlane": 2,
	"EffectiveEchoSpacing": 0.000465002,
	"DerivedVendorReportedEchoSpacing": 0.000930004,
	"TotalReadoutTime": 0.0590553,
	"PixelBandwidth": 1445,
	"DwellTime": 2.7e-06,
	"PhaseEncodingDirection": "i",
	"SliceTiming": [
		2.895,
		0,
		1.99,
		0.1825,
		2.1725,
		0.3625,
		2.3525,
		0.545,
		2.5325,
		0.725,
		2.715,
		1.0875,
		3.0775,
		1.2675,
		3.2575,
		1.4475,
		3.4375,
		1.63,
		3.62,
		1.81,
		3.8,
		0.905,
		2.895,
		0,
		1.99,
		0.1825,
		2.1725,
		0.3625,
		2.3525,
		0.545,
		2.5325,
		0.725,
		2.715,
		1.0875,
		3.0775,
		1.2675,
		3.2575,
		1.4475,
		3.4375,
		1.63,
		3.62,
		1.81,
		3.8,
		0.905,
		2.895,
		0,
		1.99,
		0.1825,
		2.1725,
		0.3625,
		2.3525,
		0.545,
		2.5325,
		0.725,
		2.715,
		1.0875,
		3.0775,
		1.2675,
		3.2575,
		1.4475,
		3.4375,
		1.63,
		3.62,
		1.81,
		3.8,
		0.905	],
	"ImageOrientationPatientDICOM": [
		0.998792,
		0.0484542,
		-0.008153,
		-0.0471018,
		0.896942,
		-0.439631	],
	"ImageOrientationText": "Tra>Cor(-26.1)>Sag(0.8)",
	"InPlanePhaseEncodingDirectionDICOM": "ROW",
	"ConversionSoftware": "dcm2niix",
	"ConversionSoftwareVersion": "v1.0.20211006"
}
