{
	"Modality": "MR",
	"MagneticFieldStrength": 3,
	"ImagingFrequency": 123.252,
	"Manufacturer": "Siemens",
	"ManufacturersModelName": "Prisma",
	"InstitutionName": "Research",
	"InstitutionalDepartmentName": "Department",
	"InstitutionAddress": "East Erie 355,Chicago,IL,US,60611",
	"DeviceSerialNumber": "166009",
	"StationName": "AWP166009",
	"BodyPartExamined": "BRAIN",
	"PatientPosition": "HFS",
	"ProcedureStepDescription": "Research MRI",
	"SoftwareVersions": "syngo MR E11",
	"MRAcquisitionType": "2D",
	"SeriesDescription": "Mb8_rest_HCP_22_56_555ms_2mmiso",
	"ProtocolName": "Mb8_rest_HCP_22_56_555ms_2mmiso",
	"ScanningSequence": "EP",
	"SequenceVariant": "SK\\SS",
	"ScanOptions": "PFP\\FS\\EXT",
	"SequenceName": "epfid2d1_96",
	"ImageType": ["ORIGINAL", "PRIMARY", "M", "MB", "ND", "NORM", "MOSAIC"],
	"SeriesNumber": 7,
	"AcquisitionTime": "10:48:0.965000",
	"AcquisitionNumber": 1,
	"ImageComments": "Unaliased MB8/PE3",
	"SliceThickness": 2,
	"SpacingBetweenSlices": 2,
	"SAR": 0.068472,
	"EchoTime": 0.022,
	"RepetitionTime": 0.555,
	"FlipAngle": 47,
	"PartialFourier": 0.75,
	"BaseResolution": 104,
	"ShimSetting": [
		5157,
		-11619,
		-2409,
		435,
		-55,
		-161,
		13,
		-78	],
	"TxRefAmp": 238.411,
	"PhaseResolution": 1,
	"ReceiveCoilName": "HeadNeck_64",
	"ReceiveCoilActiveElements": "HC1-7;NC1,2",
	"PulseSequenceDetails": "%CustomerSeq%\\cmrr_mbep2d_bold",
	"WipMemBlock": "1deeb3d2-1f82-4a77-9e13-340e93baeebb||Sequence: R016 ve11c/master r/8780670; Nov 27 2017 15:05:12 by eja",
	"CoilCombinationMethod": "Sum of Squares",
	"ConsistencyInfo": "N4_VE11C_LATEST_20160120",
	"MatrixCoilMode": "SENSE",
	"MultibandAccelerationFactor": 8,
	"PercentPhaseFOV": 92.3077,
	"PercentSampling": 100,
	"EchoTrainLength": 72,
	"PhaseEncodingSteps": 72,
	"AcquisitionMatrixPE": 96,
	"ReconMatrixPE": 96,
	"BandwidthPerPixelPhaseEncode": 17.361,
	"EffectiveEchoSpacing": 0.000600004,
	"DerivedVendorReportedEchoSpacing": 0.000600004,
	"TotalReadoutTime": 0.0570004,
	"PixelBandwidth": 2290,
	"DwellTime": 2.1e-06,
	"PhaseEncodingDirection": "j",
	"SliceTiming": [
		0,
		0.0675,
		0.1325,
		0.2,
		0.2675,
		0.335,
		0.4,
		0.4675,
		0,
		0.0675,
		0.1325,
		0.2,
		0.2675,
		0.335,
		0.4,
		0.4675,
		0,
		0.0675,
		0.1325,
		0.2,
		0.2675,
		0.335,
		0.4,
		0.4675,
		0,
		0.0675,
		0.1325,
		0.2,
		0.2675,
		0.335,
		0.4,
		0.4675,
		0,
		0.0675,
		0.1325,
		0.2,
		0.2675,
		0.335,
		0.4,
		0.4675,
		0,
		0.0675,
		0.1325,
		0.2,
		0.2675,
		0.335,
		0.4,
		0.4675,
		0,
		0.0675,
		0.1325,
		0.2,
		0.2675,
		0.335,
		0.4,
		0.4675,
		0,
		0.0675,
		0.1325,
		0.2,
		0.2675,
		0.335,
		0.4,
		0.4675	],
	"ImageOrientationPatientDICOM": [
		0.999328,
		-0.0257704,
		0.0260607,
		0.0272156,
		0.99802,
		-0.0567105	],
	"ImageOrientationText": "Tra>Cor(-3.3)>Sag(1.4)",
	"InPlanePhaseEncodingDirectionDICOM": "COL",
	"ConversionSoftware": "dcm2niix",
	"ConversionSoftwareVersion": "v1.0.20211006",
	"TaskName": "Rest"
}
