{
	"Modality": "MR",
	"MagneticFieldStrength": 3,
	"ImagingFrequency": 123.252,
	"Manufacturer": "Siemens",
	"ManufacturersModelName": "Prisma",
	"InstitutionName": "Research",
	"InstitutionalDepartmentName": "Department",
	"InstitutionAddress": "East Erie 355,Chicago,IL,US,60611",
	"DeviceSerialNumber": "166009",
	"StationName": "AWP166009",
	"BodyPartExamined": "BRAIN",
	"PatientPosition": "HFS",
	"ProcedureStepDescription": "Research MRI",
	"SoftwareVersions": "syngo MR E11",
	"MRAcquisitionType": "2D",
	"SeriesDescription": "ep2d_diff_freeDir271_14b0_dtk_p2_SMS3_bmax4000",
	"ProtocolName": "ep2d_diff_freeDir271_14b0_dtk_p2_SMS3_bmax4000",
	"ScanningSequence": "EP",
	"SequenceVariant": "SK\\SP",
	"ScanOptions": "PFP\\FS",
	"SequenceName": "*ep_b0",
	"ImageType": ["ORIGINAL", "PRIMARY", "DIFFUSION", "NONE", "ND", "NORM", "MOSAIC"],
	"SeriesNumber": 9,
	"AcquisitionTime": "11:01:17.542500",
	"AcquisitionNumber": 1,
	"SliceThickness": 2,
	"SpacingBetweenSlices": 2,
	"SAR": 0.287091,
	"EchoTime": 0.102,
	"RepetitionTime": 4,
	"SpoilingState": true,
	"FlipAngle": 90,
	"PartialFourier": 0.75,
	"BaseResolution": 128,
	"ShimSetting": [
		5159,
		-11619,
		-2404,
		462,
		-54,
		-170,
		8,
		-75	],
	"DiffusionScheme": "Bipolar",
	"TxRefAmp": 238.411,
	"PhaseResolution": 1,
	"ReceiveCoilName": "HeadNeck_64",
	"ReceiveCoilActiveElements": "HC1-7;NC1,2",
	"PulseSequenceDetails": "%SiemensSeq%\\ep2d_diff",
	"RefLinesPE": 38,
	"CoilCombinationMethod": "Adaptive Combine",
	"ConsistencyInfo": "N4_VE11C_LATEST_20160120",
	"MultibandAccelerationFactor": 3,
	"PercentPhaseFOV": 100,
	"PercentSampling": 100,
	"EchoTrainLength": 51,
	"PhaseEncodingSteps": 102,
	"AcquisitionMatrixPE": 128,
	"ReconMatrixPE": 128,
	"BandwidthPerPixelPhaseEncode": 16.801,
	"ParallelReductionFactorInPlane": 2,
	"EffectiveEchoSpacing": 0.000465002,
	"DerivedVendorReportedEchoSpacing": 0.000930004,
	"TotalReadoutTime": 0.0590553,
	"PixelBandwidth": 1445,
	"DwellTime": 2.7e-06,
	"PhaseEncodingDirection": "j-",
	"SliceTiming": [
		2.895,
		0,
		1.99,
		0.1825,
		2.1725,
		0.3625,
		2.3525,
		0.5425,
		2.5325,
		0.725,
		2.715,
		1.085,
		3.075,
		1.2675,
		3.2575,
		1.4475,
		3.4375,
		1.63,
		3.62,
		1.81,
		3.8,
		0.905,
		2.895,
		0,
		1.99,
		0.1825,
		2.1725,
		0.3625,
		2.3525,
		0.5425,
		2.5325,
		0.725,
		2.715,
		1.085,
		3.075,
		1.2675,
		3.2575,
		1.4475,
		3.4375,
		1.63,
		3.62,
		1.81,
		3.8,
		0.905,
		2.895,
		0,
		1.99,
		0.1825,
		2.1725,
		0.3625,
		2.3525,
		0.5425,
		2.5325,
		0.725,
		2.715,
		1.085,
		3.075,
		1.2675,
		3.2575,
		1.4475,
		3.4375,
		1.63,
		3.62,
		1.81,
		3.8,
		0.905	],
	"ImageOrientationPatientDICOM": [
		0.999987,
		-0.000773526,
		-0.00494356,
		-2.45203e-08,
		0.987978,
		-0.154595	],
	"ImageOrientationText": "Tra>Cor(-8.9)>Sag(-0.3)",
	"InPlanePhaseEncodingDirectionDICOM": "COL",
	"ConversionSoftware": "dcm2niix",
	"ConversionSoftwareVersion": "v1.0.20211006"
}
