{
	"Modality": "MR",
	"MagneticFieldStrength": 3,
	"ImagingFrequency": 123.252,
	"Manufacturer": "Siemens",
	"ManufacturersModelName": "Prisma",
	"InstitutionName": "Research",
	"InstitutionalDepartmentName": "Department",
	"InstitutionAddress": "East Erie 355,Chicago,IL,US,60611",
	"DeviceSerialNumber": "166009",
	"StationName": "AWP166009",
	"BodyPartExamined": "BRAIN",
	"PatientPosition": "HFS",
	"ProcedureStepDescription": "MRI Brain W/O Contrast-70557",
	"SoftwareVersions": "syngo MR E11",
	"MRAcquisitionType": "2D",
	"SeriesDescription": "Mb8_rest_HCP_22_56_555ms_2mmiso",
	"ProtocolName": "Mb8_rest_HCP_22_56_555ms_2mmiso",
	"ScanningSequence": "EP",
	"SequenceVariant": "SK\\SS",
	"ScanOptions": "PFP\\FS\\EXT",
	"SequenceName": "epfid2d1_96",
	"ImageType": ["ORIGINAL", "PRIMARY", "M", "MB", "ND", "NORM", "MOSAIC"],
	"SeriesNumber": 7,
	"AcquisitionTime": "10:30:17.942500",
	"AcquisitionNumber": 1136,
	"ImageComments": "Unaliased MB8/PE3",
	"SliceThickness": 2,
	"SpacingBetweenSlices": 2,
	"SAR": 0.0732926,
	"EchoTime": 0.022,
	"RepetitionTime": 0.555,
	"FlipAngle": 47,
	"PartialFourier": 0.75,
	"BaseResolution": 104,
	"ShimSetting": [
		5158,
		-11572,
		-2434,
		581,
		-3,
		-15,
		81,
		-21	],
	"TxRefAmp": 215.781,
	"PhaseResolution": 1,
	"ReceiveCoilName": "HeadNeck_64",
	"ReceiveCoilActiveElements": "HC1-7",
	"PulseSequenceDetails": "%CustomerSeq%\\cmrr_mbep2d_bold",
	"WipMemBlock": "0d7324ad-5a7e-4035-b8b7-663f0b675f1e||Sequence: R016 ve11c/master r/8780670; Nov 27 2017 15:05:12 by eja",
	"CoilCombinationMethod": "Sum of Squares",
	"ConsistencyInfo": "N4_VE11C_LATEST_20160120",
	"MatrixCoilMode": "SENSE",
	"MultibandAccelerationFactor": 8,
	"PercentPhaseFOV": 92.3077,
	"PercentSampling": 100,
	"EchoTrainLength": 72,
	"PhaseEncodingSteps": 72,
	"AcquisitionMatrixPE": 96,
	"ReconMatrixPE": 96,
	"BandwidthPerPixelPhaseEncode": 17.361,
	"EffectiveEchoSpacing": 0.000600004,
	"DerivedVendorReportedEchoSpacing": 0.000600004,
	"TotalReadoutTime": 0.0570004,
	"PixelBandwidth": 2290,
	"DwellTime": 2.1e-06,
	"PhaseEncodingDirection": "j",
	"SliceTiming": [
		0,
		0.0675,
		0.1325,
		0.2,
		0.2675,
		0.335,
		0.4,
		0.4675,
		0,
		0.0675,
		0.1325,
		0.2,
		0.2675,
		0.335,
		0.4,
		0.4675,
		0,
		0.0675,
		0.1325,
		0.2,
		0.2675,
		0.335,
		0.4,
		0.4675,
		0,
		0.0675,
		0.1325,
		0.2,
		0.2675,
		0.335,
		0.4,
		0.4675,
		0,
		0.0675,
		0.1325,
		0.2,
		0.2675,
		0.335,
		0.4,
		0.4675,
		0,
		0.0675,
		0.1325,
		0.2,
		0.2675,
		0.335,
		0.4,
		0.4675,
		0,
		0.0675,
		0.1325,
		0.2,
		0.2675,
		0.335,
		0.4,
		0.4675,
		0,
		0.0675,
		0.1325,
		0.2,
		0.2675,
		0.335,
		0.4,
		0.4675	],
	"ImageOrientationPatientDICOM": [
		0.998335,
		-0.0287687,
		0.0499966,
		0.0481281,
		0.893207,
		-0.447063	],
	"ImageOrientationText": "Tra>Cor(-26.7)>Sag(1.8)",
	"InPlanePhaseEncodingDirectionDICOM": "COL",
	"ConversionSoftware": "dcm2niix",
	"ConversionSoftwareVersion": "v1.0.20211006",
	"TaskName": "Rest"
}
