{
    "TaskName": "spTMS",
    "Manufacturer": "BrainProducts",
    "PowerLineFrequency": 60.0,
    "SamplingFrequency": 20000.0,
    "SoftwareFilters": "n/a",
    "RecordingDuration": 402.9845,
    "RecordingType": "continuous",
    "EEGReference": "n/a",
    "EEGGround": "n/a",
    "EEGPlacementScheme": "based on the extended 10/20 system",
    "EEGChannelCount": 64,
    "EOGChannelCount": 2,
    "ECGChannelCount": 1,
    "EMGChannelCount": 2,
    "MiscChannelCount": 0,
    "TriggerChannelCount": 0
}
