{
	"Modality": "MR",
	"MagneticFieldStrength": 3,
	"ImagingFrequency": 123.252,
	"Manufacturer": "Siemens",
	"ManufacturersModelName": "Prisma",
	"InstitutionName": "Research",
	"InstitutionalDepartmentName": "Department",
	"InstitutionAddress": "East Erie 355,Chicago,IL,US,60611",
	"DeviceSerialNumber": "166009",
	"StationName": "AWP166009",
	"BodyPartExamined": "BRAIN",
	"PatientPosition": "HFS",
	"ProcedureStepDescription": "Research MRI",
	"SoftwareVersions": "syngo MR E11",
	"MRAcquisitionType": "2D",
	"SeriesDescription": "Mb8_rest_HCP_22_56_555ms_2mmiso",
	"ProtocolName": "Mb8_rest_HCP_22_56_555ms_2mmiso",
	"ScanningSequence": "EP",
	"SequenceVariant": "SK\\SS",
	"ScanOptions": "PFP\\FS\\EXT",
	"SequenceName": "epfid2d1_96",
	"ImageType": ["ORIGINAL", "PRIMARY", "M", "MB", "ND", "NORM", "MOSAIC"],
	"SeriesNumber": 7,
	"AcquisitionTime": "11:27:13.582500",
	"AcquisitionNumber": 1,
	"ImageComments": "Unaliased MB8/PE3",
	"SliceThickness": 2,
	"SpacingBetweenSlices": 2,
	"SAR": 0.0800327,
	"EchoTime": 0.022,
	"RepetitionTime": 0.555,
	"FlipAngle": 47,
	"PartialFourier": 0.75,
	"BaseResolution": 104,
	"ShimSetting": [
		5137,
		-11623,
		-2449,
		547,
		-27,
		-151,
		-101,
		-27	],
	"TxRefAmp": 233.749,
	"PhaseResolution": 1,
	"ReceiveCoilName": "HeadNeck_64",
	"ReceiveCoilActiveElements": "HC1-7;NC1",
	"PulseSequenceDetails": "%CustomerSeq%\\cmrr_mbep2d_bold",
	"WipMemBlock": "2f294b97-fdf5-4079-9173-68abb330f01e||Sequence: R016 ve11c/master r/8780670; Nov 27 2017 15:05:12 by eja",
	"CoilCombinationMethod": "Sum of Squares",
	"ConsistencyInfo": "N4_VE11C_LATEST_20160120",
	"MatrixCoilMode": "SENSE",
	"MultibandAccelerationFactor": 8,
	"PercentPhaseFOV": 92.3077,
	"PercentSampling": 100,
	"EchoTrainLength": 72,
	"PhaseEncodingSteps": 72,
	"AcquisitionMatrixPE": 96,
	"ReconMatrixPE": 96,
	"BandwidthPerPixelPhaseEncode": 17.361,
	"EffectiveEchoSpacing": 0.000600004,
	"DerivedVendorReportedEchoSpacing": 0.000600004,
	"TotalReadoutTime": 0.0570004,
	"PixelBandwidth": 2290,
	"DwellTime": 2.1e-06,
	"PhaseEncodingDirection": "j",
	"SliceTiming": [
		0,
		0.065,
		0.1325,
		0.2,
		0.2675,
		0.3325,
		0.4,
		0.4675,
		0,
		0.065,
		0.1325,
		0.2,
		0.2675,
		0.3325,
		0.4,
		0.4675,
		0,
		0.065,
		0.1325,
		0.2,
		0.2675,
		0.3325,
		0.4,
		0.4675,
		0,
		0.065,
		0.1325,
		0.2,
		0.2675,
		0.3325,
		0.4,
		0.4675,
		0,
		0.065,
		0.1325,
		0.2,
		0.2675,
		0.3325,
		0.4,
		0.4675,
		0,
		0.065,
		0.1325,
		0.2,
		0.2675,
		0.3325,
		0.4,
		0.4675,
		0,
		0.065,
		0.1325,
		0.2,
		0.2675,
		0.3325,
		0.4,
		0.4675,
		0,
		0.065,
		0.1325,
		0.2,
		0.2675,
		0.3325,
		0.4,
		0.4675	],
	"ImageOrientationPatientDICOM": [
		0.990508,
		0.0250108,
		-0.13516,
		-0.0624911,
		0.957749,
		-0.280734	],
	"ImageOrientationText": "Tra>Cor(-16.8)>Sag(-7.0)",
	"InPlanePhaseEncodingDirectionDICOM": "COL",
	"ConversionSoftware": "dcm2niix",
	"ConversionSoftwareVersion": "v1.0.20211006",
	"TaskName": "Rest"
}
